GEM
  remote: https://rubygems.org/
  specs:
    diff-lcs (1.3)
    faraday (0.15.2)
      multipart-post (>= 1.2, < 3)
    faraday_middleware (0.12.2)
      faraday (>= 0.7.4, < 1.0)
    multipart-post (2.0.0)
    mysql2 (0.5.1)
    psych (3.0.2)
    rspec (3.7.0)
      rspec-core (~> 3.7.0)
      rspec-expectations (~> 3.7.0)
      rspec-mocks (~> 3.7.0)
    rspec-core (3.7.1)
      rspec-support (~> 3.7.0)
    rspec-expectations (3.7.0)
      diff-lcs (>= 1.2.0, < 2.0)
      rspec-support (~> 3.7.0)
    rspec-mocks (3.7.0)
      diff-lcs (>= 1.2.0, < 2.0)
      rspec-support (~> 3.7.0)
    rspec-support (3.7.1)
    sequel (5.10.0)

PLATFORMS
  ruby

DEPENDENCIES
  faraday
  faraday_middleware
  mysql2
  psych
  rspec
  sequel

BUNDLED WITH
   1.16.2
